PATH
  remote: .
  specs:
    dnif (0.1.2)
      activerecord (>= 3.0.3)
      activesupport (>= 3.0.3)
      builder (>= 2.1.2)
      rake
      riddle (>= 1.1.0)

GEM
  remote: http://rubygems.org/
  specs:
    activemodel (3.0.3)
      activesupport (= 3.0.3)
      builder (~> 2.1.2)
      i18n (~> 0.4)
    activerecord (3.0.3)
      activemodel (= 3.0.3)
      activesupport (= 3.0.3)
      arel (~> 2.0.2)
      tzinfo (~> 0.3.23)
    activesupport (3.0.3)
    arel (2.0.4)
    builder (2.1.2)
    database_cleaner (0.6.0)
    diff-lcs (1.1.2)
    i18n (0.4.2)
    rake (0.8.7)
    riddle (1.2.1)
    rspec (2.1.0)
      rspec-core (~> 2.1.0)
      rspec-expectations (~> 2.1.0)
      rspec-mocks (~> 2.1.0)
    rspec-core (2.1.0)
    rspec-expectations (2.1.0)
      diff-lcs (~> 1.1.2)
    rspec-mocks (2.1.0)
    sqlite3-ruby (1.3.2)
    tzinfo (0.3.23)

PLATFORMS
  ruby

DEPENDENCIES
  activerecord (>= 3.0.3)
  activesupport (>= 3.0.3)
  builder (>= 2.1.2)
  database_cleaner
  dnif!
  rake
  riddle (>= 1.1.0)
  rspec (>= 2.0.0.beta.20)
  sqlite3-ruby
